GIT
  remote: http://github.com/intridea/grape.git
  revision: 6d8793f0f6cb3146f7b4c5d56fccbdfbe3ac9875
  branch: frontier
  specs:
    grape (0.1.5)
      hashie (~> 1.2)
      multi_json
      multi_xml
      rack
      rack-mount

GIT
  remote: https://github.com/rack/rack-contrib.git
  revision: af3663ca6200f8292b221acd5a406af33c219249
  specs:
    rack-contrib (1.1.0)
      rack (>= 0.9.1)

GEM
  remote: http://rubygems.org/
  specs:
    diff-lcs (1.1.3)
    hashie (1.2.0)
    multi_json (1.0.4)
    multi_xml (0.4.1)
    rack (1.3.5)
    rack-mount (0.8.3)
      rack (>= 1.0.0)
    rack-test (0.6.1)
      rack (>= 1.0)
    rspec (2.8.0)
      rspec-core (~> 2.8.0)
      rspec-expectations (~> 2.8.0)
      rspec-mocks (~> 2.8.0)
    rspec-core (2.8.0)
    rspec-expectations (2.8.0)
      diff-lcs (~> 1.1.2)
    rspec-mocks (2.8.0)

PLATFORMS
  ruby

DEPENDENCIES
  grape!
  rack (= 1.3.5)
  rack-contrib!
  rack-test
  rspec
  rspec-core
  rspec-expectations
  rspec-mocks
