GIT
  remote: https://github.com/jnicklas/capybara.git
  revision: 644853c6e4be9f510331bc649a544e2569f5326f
  specs:
    capybara (1.1.2)
      mime-types (>= 1.16)
      nokogiri (>= 1.3.3)
      rack (>= 1.0.0)
      rack-test (>= 0.5.4)
      selenium-webdriver (~> 2.0)
      xpath (~> 0.1.4)

GEM
  remote: http://rubygems.org/
  specs:
    addressable (2.2.8)
    childprocess (0.3.2)
      ffi (~> 1.0.6)
    diff-lcs (1.1.3)
    ffi (1.0.11)
    grape (0.2.1)
      hashie (~> 1.2)
      multi_json
      multi_xml
      rack
      rack-mount
    guard (1.0.0)
      ffi (>= 0.5.0)
      thor (~> 0.14.6)
    guard-bundler (0.1.3)
      bundler (>= 1.0.0)
      guard (>= 0.2.2)
    guard-rack (1.0)
      guard
      guard-rack
      libnotify (~> 0.1.3)
      rb-inotify (>= 0.5.1)
    hashie (1.2.0)
    json (1.6.5)
    libnotify (0.1.4)
      ffi (>= 0.6.2)
    libwebsocket (0.1.3)
      addressable
    mime-types (1.18)
    multi_json (1.3.6)
    multi_xml (0.5.1)
    nokogiri (1.5.5)
    rack (1.3.5)
    rack-mount (0.8.3)
      rack (>= 1.0.0)
    rack-test (0.6.1)
      rack (>= 1.0)
    rake (0.9.2.2)
    rb-inotify (0.8.8)
      ffi (>= 0.5.0)
    rspec (2.8.0)
      rspec-core (~> 2.8.0)
      rspec-expectations (~> 2.8.0)
      rspec-mocks (~> 2.8.0)
    rspec-core (2.8.0)
    rspec-expectations (2.8.0)
      diff-lcs (~> 1.1.2)
    rspec-mocks (2.8.0)
    rubyzip (0.9.8)
    selenium-webdriver (2.21.2)
      childprocess (>= 0.2.5)
      ffi (~> 1.0)
      libwebsocket (~> 0.1.3)
      multi_json (~> 1.0)
      rubyzip
    thor (0.14.6)
    xpath (0.1.4)
      nokogiri (~> 1.3)

PLATFORMS
  ruby

DEPENDENCIES
  capybara!
  grape (= 0.2.1)
  guard
  guard-bundler
  guard-rack
  json (= 1.6.5)
  nokogiri
  rack (= 1.3.5)
  rack-test
  rake
  rspec
  rspec-core
  rspec-expectations
  rspec-mocks
